GEM
  remote: https://rubygems.org/
  specs:
    chronic (0.10.2)
    kronic (1.1.3)
    mini_portile (0.6.2)
    nokogiri (1.6.5)
      mini_portile (~> 0.6.0)
    promise (0.3.1)

PLATFORMS
  ruby

DEPENDENCIES
  chronic (~> 0.10.2)
  kronic (~> 1.1.3)
  nokogiri (~> 1.6.5)
  promise (~> 0.3.1)
