GEM
  remote: https://rubygems.org/
  specs:
    chronic (0.10.2)
    mini_portile (0.6.2)
    nokogiri (1.6.5)
      mini_portile (~> 0.6.0)
    parallel (1.3.3)
    promise (0.3.1)
    ruby-progressbar (1.7.1)

PLATFORMS
  ruby

DEPENDENCIES
  chronic (~> 0.10.2)
  nokogiri (~> 1.6.5)
  parallel (~> 1.3.3)
  promise (~> 0.3.1)
  ruby-progressbar (~> 1.7.1)
